GEM
  remote: https://rubygems.org/
  specs:
    coderay (1.1.0)
    lazy_priority_queue (0.1.0)
    method_source (0.8.2)
    mysql2 (0.4.3)
    pg (0.18.2)
    pry (0.10.1)
      coderay (~> 1.1.0)
      method_source (~> 0.8.1)
      slop (~> 3.4)
    sequel (4.22.0)
    slop (3.6.0)

PLATFORMS
  ruby

DEPENDENCIES
  lazy_priority_queue
  mysql2
  pg
  pry
  sequel
