GEM
  remote: https://rubygems.org/
  specs:
    coderay (1.1.1)
    lazy_priority_queue (0.1.1)
    method_source (0.8.2)
    mysql2 (0.4.3)
    pg (0.18.4)
    pry (0.10.3)
      coderay (~> 1.1.0)
      method_source (~> 0.8.1)
      slop (~> 3.4)
    rake (11.1.2)
    sequel (4.33.0)
    slop (3.6.0)

PLATFORMS
  ruby

DEPENDENCIES
  lazy_priority_queue
  mysql2
  pg
  pry
  rake
  sequel

BUNDLED WITH
   1.11.2
