GEM
  remote: https://rubygems.org/
  specs:
    algorithms (0.5.0)
    coderay (1.1.0)
    method_source (0.8.2)
    pry (0.10.1)
      coderay (~> 1.1.0)
      method_source (~> 0.8.1)
      slop (~> 3.4)
    rgl (0.5.0)
      algorithms (~> 0.5.0)
      stream (~> 0.5.0)
    slop (3.6.0)
    stream (0.5)

PLATFORMS
  ruby

DEPENDENCIES
  pry
  rgl
