GIT
  remote: https://github.com/monora/rgl
  revision: ba17a7f7ce548f02b582a56c0358af037f47c20d
  specs:
    rgl (0.4.1)
      algorithms (~> 0.5.0)
      stream (~> 0.5.0)

GEM
  remote: https://rubygems.org/
  specs:
    algorithms (0.5.0)
    coderay (1.1.0)
    method_source (0.8.2)
    pg (0.17.1)
    pry (0.9.12.6)
      coderay (~> 1.0)
      method_source (~> 0.8)
      slop (~> 3.4)
    sequel (4.14.0)
    slop (3.4.7)
    stream (0.5)

PLATFORMS
  ruby

DEPENDENCIES
  pg
  pry
  rgl!
  sequel
